GEM
  remote: http://rubygems.org/
  specs:
    blankslate (2.1.2.4)
    ffi (1.0.8)
    pygments.rb (0.1.2)
      rubypython (>= 0.5.1)
    rack (1.2.2)
    rubypython (0.5.1)
      blankslate (>= 2.1.2.3)
      ffi (~> 1.0.7)
    sinatra (1.2.6)
      rack (~> 1.1)
      tilt (< 2.0, >= 1.2.2)
    tilt (1.3)

PLATFORMS
  ruby

DEPENDENCIES
  pygments.rb
  sinatra
