GIT
  remote: git://github.com/lmarburger/pygments.rb.git
  revision: f96b43e282922943b9a607d48c526407c69ee06e
  branch: bump-rubypython
  specs:
    pygments.rb (0.2.13)
      rubypython (~> 0.6.2)

GEM
  remote: http://rubygems.org/
  specs:
    blankslate (2.1.2.4)
    daemons (1.1.8)
    eventmachine (0.12.10)
    ffi (1.0.11)
    foreman (0.46.0)
      thor (>= 0.13.6)
    rack (1.4.1)
    rubypython (0.6.2)
      blankslate (>= 2.1.2.3)
      ffi (~> 1.0.7)
    thin (1.3.1)
      daemons (>= 1.0.9)
      eventmachine (>= 0.12.6)
      rack (>= 1.0.0)
    thor (0.15.2)

PLATFORMS
  ruby

DEPENDENCIES
  foreman
  pygments.rb!
  thin
