GEM
  remote: http://rubygems.org/
  specs:
    blankslate (2.1.2.4)
    daemons (1.1.8)
    eventmachine (0.12.10)
    ffi (1.0.11)
    pygments.rb (0.2.13)
      rubypython (~> 0.5.3)
    rack (1.4.1)
    rubypython (0.5.3)
      blankslate (>= 2.1.2.3)
      ffi (~> 1.0.7)
    thin (1.3.1)
      daemons (>= 1.0.9)
      eventmachine (>= 0.12.6)
      rack (>= 1.0.0)

PLATFORMS
  ruby

DEPENDENCIES
  pygments.rb
  thin
